PATH
  remote: .
  specs:
    flooring_gem (0.1.0)

GEM
  remote: https://rubygems.org/
  specs:
    rake (10.5.0)

PLATFORMS
  ruby

DEPENDENCIES
  bundler (~> 2.0)
  flooring_gem!
  rake (~> 10.0)

BUNDLED WITH
   2.0.1
